{
    "Modality":"MR",
    "MagneticFieldStrength":3,
    "Manufacturer":"Siemens",
    "ManufacturersModelName":"TrioTim",
    "InstitutionName":"Intermountain_Neuroimaging_Consortium",
    "InstitutionalDepartmentName":"Department",
    "InstitutionAddress":"Exposition_Drive_1777_Boulder-_c0d8dc-_Denver_US_80301",
    "DeviceSerialNumber":"35451",
    "StationName":"MRC35451",
    "PatientPosition":"HFS",
    "ProcedureStepDescription":"VMITTAL_adaptcog_200068",
    "SoftwareVersions":"syngo_MR_B17",
    "MRAcquisitionType":"2D",
    "SeriesDescription":"ritl_pa_32ch_mb8_v01_r03",
    "ProtocolName":"ritl_pa_32ch_mb8_v01_r03",
    "ScanningSequence":"EP",
    "SequenceVariant":"SK_SS",
    "ScanOptions":"FS",
    "SequenceName":"epfid2d1_82",
    "ImageType":[
        "ORIGINAL",
        "PRIMARY",
        "M",
        "MB",
        "ND",
        "NORM",
        "MOSAIC"
    ],
    "SeriesNumber":24,
    "AcquisitionTime":"16:47:20.737500",
    "AcquisitionNumber":1,
    "ImageComments":"Unaliased_MB8_PE3_(remote)",
    "SliceThickness":3,
    "SpacingBetweenSlices":3,
    "SAR":0.14217,
    "EchoTime":0.029,
    "RepetitionTime":0.46,
    "FlipAngle":44,
    "PartialFourier":1,
    "BaseResolution":82,
    "ShimSetting":[
        6754,
        12742,
        -6790,
        506,
        83,
        -217,
        -282,
        114
    ],
    "TxRefAmp":337.336,
    "PhaseResolution":1,
    "ReceiveCoilName":"32Ch_Head",
    "PulseSequenceDetails":"%CustomerSeq%_cmrr_mbep2d_bold",
    "MultibandAccelerationFactor":8,
    "PercentPhaseFOV":100,
    "PhaseEncodingSteps":82,
    "AcquisitionMatrixPE":82,
    "ReconMatrixPE":82,
    "BandwidthPerPixelPhaseEncode":23.912,
    "EffectiveEchoSpacing":0.00051,
    "DerivedVendorReportedEchoSpacing":0.00051,
    "TotalReadoutTime":0.04131,
    "PixelBandwidth":2772,
    "DwellTime":2.2e-06,
    "PhaseEncodingDirection":"j",
    "SliceTiming":[
        0,
        0.265,
        0.0675,
        0.33,
        0.1325,
        0.3975,
        0.1975,
        0,
        0.265,
        0.0675,
        0.33,
        0.1325,
        0.3975,
        0.1975,
        0,
        0.265,
        0.0675,
        0.33,
        0.1325,
        0.3975,
        0.1975,
        0,
        0.265,
        0.0675,
        0.33,
        0.1325,
        0.3975,
        0.1975,
        0,
        0.265,
        0.0675,
        0.33,
        0.1325,
        0.3975,
        0.1975,
        0,
        0.265,
        0.0675,
        0.33,
        0.1325,
        0.3975,
        0.1975,
        0,
        0.265,
        0.0675,
        0.33,
        0.1325,
        0.3975,
        0.1975,
        0,
        0.265,
        0.0675,
        0.33,
        0.1325,
        0.3975,
        0.1975
    ],
    "ImageOrientationPatientDICOM":[
        0.999879,
        -0.00801345,
        -0.0133341,
        5.44898e-09,
        0.857124,
        -0.51511
    ],
    "InPlanePhaseEncodingDirectionDICOM":"COL",
    "ConversionSoftware":"dcm2niix",
    "ConversionSoftwareVersion":"v1.0.20171215 Clang9.0.0",
    "TaskName":"ritl"
}