{
    "Modality":"MR",
    "MagneticFieldStrength":3,
    "Manufacturer":"Siemens",
    "ManufacturersModelName":"TrioTim",
    "InstitutionName":"Intermountain_Neuroimaging_Consortium",
    "InstitutionalDepartmentName":"Department",
    "InstitutionAddress":"Exposition_Drive_1777_Boulder-_c0d8dc-_Denver_US_80301",
    "DeviceSerialNumber":"35451",
    "StationName":"MRC35451",
    "PatientPosition":"HFS",
    "ProcedureStepDescription":"VMITTAL_adaptcog_200068",
    "SoftwareVersions":"syngo_MR_B17",
    "MRAcquisitionType":"3D",
    "SeriesDescription":"t1w_32ch_mpr_08mm",
    "ProtocolName":"t1w_32ch_mpr_08mm",
    "ScanningSequence":"GR_IR",
    "SequenceVariant":"SP_MP",
    "ScanOptions":"IR_WE",
    "SequenceName":"_tfl3d1_ns",
    "ImageType":[
        "ORIGINAL",
        "PRIMARY",
        "M",
        "ND",
        "NORM"
    ],
    "SeriesNumber":2,
    "AcquisitionTime":"12:25:11.665000",
    "AcquisitionNumber":1,
    "SliceThickness":0.8,
    "SAR":0.0883054,
    "EchoTime":0.00201,
    "RepetitionTime":2.4,
    "InversionTime":1,
    "FlipAngle":8,
    "PartialFourier":1,
    "BaseResolution":320,
    "ShimSetting":[
        6800,
        12667,
        -6723,
        -560,
        151,
        -455,
        616,
        -14
    ],
    "TxRefAmp":375.602,
    "PhaseResolution":1,
    "ReceiveCoilName":"32Ch_Head",
    "PulseSequenceDetails":"%SiemensSeq%_tfl",
    "PercentPhaseFOV":100,
    "PhaseEncodingSteps":319,
    "AcquisitionMatrixPE":320,
    "ReconMatrixPE":320,
    "ParallelReductionFactorInPlane":2,
    "PixelBandwidth":240,
    "DwellTime":6.5e-06,
    "ImageOrientationPatientDICOM":[
        -0.012217,
        0.999925,
        -2.5011e-08,
        0.0383849,
        0.000468959,
        -0.999263
    ],
    "InPlanePhaseEncodingDirectionDICOM":"ROW",
    "ConversionSoftware":"dcm2niix",
    "ConversionSoftwareVersion":"v1.0.20171215 Clang9.0.0"
}