{
    "Modality":"MR",
    "MagneticFieldStrength":3,
    "Manufacturer":"Siemens",
    "ManufacturersModelName":"TrioTim",
    "InstitutionName":"Intermountain_Neuroimaging_Consortium",
    "InstitutionalDepartmentName":"Department",
    "InstitutionAddress":"Exposition_Drive_1777_Boulder-_6392da-_Denver_US_80301",
    "DeviceSerialNumber":"35451",
    "StationName":"MRC35451",
    "PatientPosition":"HFS",
    "ProcedureStepDescription":"VMITTAL_adaptcog_200068",
    "SoftwareVersions":"syngo_MR_B17",
    "MRAcquisitionType":"2D",
    "SeriesDescription":"ritl_pa_32ch_mb8_v01_r01_SBRef",
    "ProtocolName":"ritl_pa_32ch_mb8_v01_r01",
    "ScanningSequence":"EP",
    "SequenceVariant":"SK",
    "ScanOptions":"FS",
    "SequenceName":"epfid2d1_82",
    "ImageType":[
        "ORIGINAL",
        "PRIMARY",
        "M",
        "ND",
        "NORM",
        "MOSAIC"
    ],
    "SeriesNumber":21,
    "AcquisitionTime":"11:07:35.192500",
    "AcquisitionNumber":1,
    "ImageComments":"Single-band_reference",
    "SliceThickness":3,
    "SpacingBetweenSlices":3,
    "SAR":0.145153,
    "EchoTime":0.029,
    "RepetitionTime":0.46,
    "FlipAngle":44,
    "PartialFourier":1,
    "BaseResolution":82,
    "ShimSetting":[
        6780,
        12634,
        -6782,
        607,
        153,
        152,
        202,
        22
    ],
    "TxRefAmp":343.253,
    "PhaseResolution":1,
    "ReceiveCoilName":"32Ch_Head",
    "PulseSequenceDetails":"%CustomerSeq%_cmrr_mbep2d_bold",
    "PercentPhaseFOV":100,
    "PhaseEncodingSteps":82,
    "AcquisitionMatrixPE":82,
    "ReconMatrixPE":82,
    "BandwidthPerPixelPhaseEncode":23.912,
    "EffectiveEchoSpacing":0.00051,
    "DerivedVendorReportedEchoSpacing":0.00051,
    "TotalReadoutTime":0.04131,
    "PixelBandwidth":2772,
    "DwellTime":2.2e-06,
    "PhaseEncodingDirection":"j",
    "SliceTiming":[
        1.845,
        0,
        1.91,
        0.065,
        1.9775,
        0.13,
        2.0425,
        0.1975,
        2.1075,
        0.2625,
        2.175,
        0.3275,
        2.24,
        0.395,
        2.305,
        0.46,
        2.3725,
        0.525,
        2.4375,
        0.5925,
        2.505,
        0.6575,
        2.57,
        0.725,
        2.635,
        0.79,
        2.7025,
        0.855,
        2.7675,
        0.9225,
        2.8325,
        0.9875,
        2.9,
        1.0525,
        2.965,
        1.12,
        3.0325,
        1.185,
        3.0975,
        1.2525,
        3.1625,
        1.3175,
        3.23,
        1.3825,
        3.295,
        1.45,
        3.36,
        1.515,
        3.4275,
        1.58,
        3.4925,
        1.6475,
        3.5575,
        1.7125,
        3.625,
        1.78
    ],
    "ImageOrientationPatientDICOM":[
        0.999994,
        0.000941609,
        0.00320819,
        -5.37068e-08,
        0.95953,
        -0.281607
    ],
    "InPlanePhaseEncodingDirectionDICOM":"COL",
    "ConversionSoftware":"dcm2niix",
    "ConversionSoftwareVersion":"v1.0.20171215 Clang9.0.0",
    "TaskName":"ritl"
}