{
    "Modality":"MR",
    "MagneticFieldStrength":3,
    "Manufacturer":"Siemens",
    "ManufacturersModelName":"TrioTim",
    "InstitutionName":"Intermountain_Neuroimaging_Consortium",
    "InstitutionalDepartmentName":"Department",
    "InstitutionAddress":"Exposition_Drive_1777_Boulder-_c0d8dc-_Denver_US_80301",
    "DeviceSerialNumber":"35451",
    "StationName":"MRC35451",
    "PatientPosition":"HFS",
    "ProcedureStepDescription":"VMITTAL_adaptcog_200068",
    "SoftwareVersions":"syngo_MR_B17",
    "MRAcquisitionType":"3D",
    "SeriesDescription":"t1w_32ch_mpr_08mm",
    "ProtocolName":"t1w_32ch_mpr_08mm",
    "ScanningSequence":"GR_IR",
    "SequenceVariant":"SP_MP",
    "ScanOptions":"IR_WE",
    "SequenceName":"_tfl3d1_ns",
    "ImageType":[
        "ORIGINAL",
        "PRIMARY",
        "M",
        "ND",
        "NORM"
    ],
    "SeriesNumber":2,
    "AcquisitionTime":"11:25:45.577500",
    "AcquisitionNumber":1,
    "SliceThickness":0.8,
    "SAR":0.0779069,
    "EchoTime":0.00201,
    "RepetitionTime":2.4,
    "InversionTime":1,
    "FlipAngle":8,
    "PartialFourier":1,
    "BaseResolution":320,
    "ShimSetting":[
        6798,
        12520,
        -6835,
        225,
        257,
        -96,
        384,
        32
    ],
    "TxRefAmp":332.418,
    "PhaseResolution":1,
    "ReceiveCoilName":"32Ch_Head",
    "PulseSequenceDetails":"%SiemensSeq%_tfl",
    "PercentPhaseFOV":100,
    "PhaseEncodingSteps":319,
    "AcquisitionMatrixPE":320,
    "ReconMatrixPE":320,
    "ParallelReductionFactorInPlane":2,
    "PixelBandwidth":240,
    "DwellTime":6.5e-06,
    "ImageOrientationPatientDICOM":[
        -0.0069813,
        0.999976,
        5.26654e-08,
        0.017452,
        0.000121893,
        -0.999848
    ],
    "InPlanePhaseEncodingDirectionDICOM":"ROW",
    "ConversionSoftware":"dcm2niix",
    "ConversionSoftwareVersion":"v1.0.20171215 Clang9.0.0"
}