{
	"Modality": "MR",
	"MagneticFieldStrength": 3,
	"Manufacturer": "Siemens",
	"ManufacturersModelName": "TrioTim",
	"InstitutionName": "Intermountain_Neuroimaging_Consortium",
	"InstitutionalDepartmentName": "Department",
	"InstitutionAddress": "Exposition_Drive_1777_Boulder-_6392da-_Denver_US_80301",
	"DeviceSerialNumber": "35451",
	"StationName": "MRC35451",
	"PatientPosition": "HFS",
	"ProcedureStepDescription": "VMITTAL_adaptcog_200068",
	"SoftwareVersions": "syngo_MR_B17",
	"MRAcquisitionType": "2D",
	"SeriesDescription": "distortion_corr_32ch_pa",
	"ProtocolName": "distortion_corr_32ch_pa",
	"ScanningSequence": "EP",
	"SequenceVariant": "SK",
	"ScanOptions": "FS",
	"SequenceName": "epse2d1_82",
	"ImageType": [
		"ORIGINAL", 
		"PRIMARY", 
		"M", 
		"ND", 
		"NORM", 
		"MOSAIC"
	],
	"SeriesNumber": 9,
	"AcquisitionTime": "10:12:24.722500",
	"AcquisitionNumber": 1,
	"SliceThickness": 3,
	"SpacingBetweenSlices": 3,
	"SAR": 0.214094,
	"EchoTime": 0.073,
	"RepetitionTime": 7.22,
	"FlipAngle": 90,
	"PartialFourier": 1,
	"BaseResolution": 82,
	"ShimSetting": [
		6780,
		12634,
		-6782,
		607,
		153,
		152,
		202,
		22	
	],
	"TxRefAmp": 343.253,
	"PhaseResolution": 1,
	"ReceiveCoilName": "32Ch_Head",
	"PulseSequenceDetails": "%CustomerSeq%_cmrr_mbep2d_se",
	"PercentPhaseFOV": 100,
	"PhaseEncodingSteps": 82,
	"AcquisitionMatrixPE": 82,
	"ReconMatrixPE": 82,
	"BandwidthPerPixelPhaseEncode": 23.912,
	"EffectiveEchoSpacing": 0.00051,
	"DerivedVendorReportedEchoSpacing": 0.00051,
	"TotalReadoutTime": 0.04131,
	"PixelBandwidth": 2772,
	"DwellTime": 2.2e-06,
	"PhaseEncodingDirection": "j",
	"SliceTiming": [
		3.625,
		0,
		3.755,
		0.13,
		3.885,
		0.26,
		4.0125,
		0.39,
		4.1425,
		0.52,
		4.2725,
		0.6475,
		4.4025,
		0.7775,
		4.5325,
		0.9075,
		4.66,
		1.0375,
		4.79,
		1.165,
		4.92,
		1.295,
		5.05,
		1.425,
		5.1775,
		1.555,
		5.3075,
		1.6825,
		5.4375,
		1.8125,
		5.5675,
		1.9425,
		5.6975,
		2.0725,
		5.825,
		2.2025,
		5.955,
		2.33,
		6.085,
		2.46,
		6.215,
		2.59,
		6.3425,
		2.72,
		6.4725,
		2.8475,
		6.6025,
		2.9775,
		6.7325,
		3.1075,
		6.86,
		3.2375,
		6.99,
		3.3675,
		7.12,
		3.495	],
	"ImageOrientationPatientDICOM": [
		0.999994,
		0.000941609,
		0.00320819,
		-5.37068e-08,
		0.95953,
		-0.281607	],
	"InPlanePhaseEncodingDirectionDICOM": "COL",
	"ConversionSoftware": "dcm2niix",
	"ConversionSoftwareVersion": "v1.0.20171215 Clang9.0.0",
	"IntendedFor":[
        "func/sub-M80323465_task-ritl_acq-MB_run-01_bold.nii.gz",
        "func/sub-M80323465_task-ritl_acq-MB_run-02_bold.nii.gz",
        "func/sub-M80323465_task-ritl_acq-MB_run-03_bold.nii.gz",
        "func/sub-M80323465_task-ritl_acq-MB_run-04_bold.nii.gz"
    ]
}
