{
    "Modality":"MR",
    "MagneticFieldStrength":3,
    "Manufacturer":"Siemens",
    "ManufacturersModelName":"TrioTim",
    "InstitutionName":"Intermountain_Neuroimaging_Consortium",
    "InstitutionalDepartmentName":"Department",
    "InstitutionAddress":"Exposition_Drive_1777_Boulder-_6392da-_Denver_US_80301",
    "DeviceSerialNumber":"35451",
    "StationName":"MRC35451",
    "PatientPosition":"HFS",
    "ProcedureStepDescription":"VMITTAL_adaptcog_200068",
    "SoftwareVersions":"syngo_MR_B17",
    "MRAcquisitionType":"3D",
    "SeriesDescription":"t1w_32ch_mpr_08mm",
    "ProtocolName":"t1w_32ch_mpr_08mm",
    "ScanningSequence":"GR_IR",
    "SequenceVariant":"SP_MP",
    "ScanOptions":"IR_WE",
    "SequenceName":"_tfl3d1_ns",
    "ImageType":[
        "ORIGINAL",
        "PRIMARY",
        "M",
        "ND",
        "NORM"
    ],
    "SeriesNumber":3,
    "AcquisitionTime":"12:50:7.280000",
    "AcquisitionNumber":1,
    "SliceThickness":0.8,
    "SAR":0.0877542,
    "EchoTime":0.00201,
    "RepetitionTime":2.4,
    "InversionTime":1,
    "FlipAngle":8,
    "PartialFourier":1,
    "BaseResolution":320,
    "ShimSetting":[
        6793,
        12608,
        -6766,
        268,
        386,
        -579,
        622,
        127
    ],
    "TxRefAmp":353.587,
    "PhaseResolution":1,
    "ReceiveCoilName":"32Ch_Head",
    "PulseSequenceDetails":"%SiemensSeq%_tfl",
    "PercentPhaseFOV":100,
    "PhaseEncodingSteps":319,
    "AcquisitionMatrixPE":320,
    "ReconMatrixPE":320,
    "ParallelReductionFactorInPlane":2,
    "PixelBandwidth":240,
    "DwellTime":6.5e-06,
    "ImageOrientationPatientDICOM":[
        -0.0348804,
        0.999391,
        -1.82526e-08,
        -0.0261202,
        -0.000911657,
        -0.999658
    ],
    "InPlanePhaseEncodingDirectionDICOM":"ROW",
    "ConversionSoftware":"dcm2niix",
    "ConversionSoftwareVersion":"v1.0.20171215 Clang9.0.0"
}