{
    "Modality":"MR",
    "MagneticFieldStrength":3,
    "Manufacturer":"Siemens",
    "ManufacturersModelName":"TrioTim",
    "InstitutionName":"Intermountain_Neuroimaging_Consortium",
    "InstitutionalDepartmentName":"Department",
    "InstitutionAddress":"Exposition_Drive_1777_Boulder-_6392da-_Denver_US_80301",
    "DeviceSerialNumber":"35451",
    "StationName":"MRC35451",
    "PatientPosition":"HFS",
    "ProcedureStepDescription":"VMITTAL_adaptcog_200068",
    "SoftwareVersions":"syngo_MR_B17",
    "MRAcquisitionType":"2D",
    "SeriesDescription":"distortion_corr_32ch_ap",
    "ProtocolName":"distortion_corr_32ch_ap",
    "ScanningSequence":"EP",
    "SequenceVariant":"SK",
    "ScanOptions":"FS",
    "SequenceName":"epse2d1_82",
    "ImageType":[
        "ORIGINAL",
        "PRIMARY",
        "M",
        "ND",
        "NORM",
        "MOSAIC"
    ],
    "SeriesNumber":4,
    "AcquisitionTime":"12:48:48.180000",
    "AcquisitionNumber":1,
    "SliceThickness":3,
    "SpacingBetweenSlices":3,
    "SAR":0.236853,
    "EchoTime":0.073,
    "RepetitionTime":7.22,
    "FlipAngle":90,
    "PartialFourier":1,
    "BaseResolution":82,
    "ShimSetting":[
        6831,
        12733,
        -6889,
        677,
        299,
        177,
        -767,
        81
    ],
    "TxRefAmp":337.811,
    "PhaseResolution":1,
    "ReceiveCoilName":"32Ch_Head",
    "PulseSequenceDetails":"%CustomerSeq%_cmrr_mbep2d_se",
    "PercentPhaseFOV":100,
    "PhaseEncodingSteps":82,
    "AcquisitionMatrixPE":82,
    "ReconMatrixPE":82,
    "BandwidthPerPixelPhaseEncode":23.912,
    "EffectiveEchoSpacing":0.00051,
    "DerivedVendorReportedEchoSpacing":0.00051,
    "TotalReadoutTime":0.04131,
    "PixelBandwidth":2772,
    "DwellTime":2.2e-06,
    "PhaseEncodingDirection":"j-",
    "SliceTiming":[
        3.6225,
        0,
        3.7525,
        0.1275,
        3.8825,
        0.2575,
        4.0125,
        0.3875,
        4.14,
        0.5175,
        4.27,
        0.645,
        4.4,
        0.775,
        4.53,
        0.905,
        4.6575,
        1.035,
        4.7875,
        1.165,
        4.9175,
        1.2925,
        5.0475,
        1.4225,
        5.1775,
        1.5525,
        5.305,
        1.6825,
        5.435,
        1.81,
        5.565,
        1.94,
        5.695,
        2.07,
        5.8225,
        2.2,
        5.9525,
        2.3275,
        6.0825,
        2.4575,
        6.2125,
        2.5875,
        6.3425,
        2.7175,
        6.47,
        2.8475,
        6.6,
        2.975,
        6.73,
        3.105,
        6.86,
        3.235,
        6.9875,
        3.365,
        7.1175,
        3.4925
    ],
    "ImageOrientationPatientDICOM":[
        0.999294,
        0.0143856,
        0.0347,
        -2.17628e-08,
        0.923763,
        -0.382964
    ],
    "InPlanePhaseEncodingDirectionDICOM":"COL",
    "ConversionSoftware":"dcm2niix",
    "ConversionSoftwareVersion":"v1.0.20171215 Clang9.0.0",
    "IntendedFor":[
        "func/sub-M80384859_task-ritl_acq-MB_run-01_bold.nii.gz",
        "func/sub-M80384859_task-ritl_acq-MB_run-02_bold.nii.gz",
        "func/sub-M80384859_task-ritl_acq-MB_run-03_bold.nii.gz",
        "func/sub-M80384859_task-ritl_acq-MB_run-04_bold.nii.gz",
        "func/sub-M80384859_task-ritl_acq-MB_run-05_bold.nii.gz",
        "func/sub-M80384859_task-ritl_acq-MB_run-06_bold.nii.gz"
    ]
}