{
    "Modality":"MR",
    "MagneticFieldStrength":3,
    "Manufacturer":"Siemens",
    "ManufacturersModelName":"TrioTim",
    "InstitutionName":"Intermountain_Neuroimaging_Consortium",
    "InstitutionalDepartmentName":"Department",
    "InstitutionAddress":"Exposition_Drive_1777_Boulder-_6392da-_Denver_US_80301",
    "DeviceSerialNumber":"35451",
    "StationName":"MRC35451",
    "PatientPosition":"HFS",
    "ProcedureStepDescription":"VMITTAL_adaptcog_200068",
    "SoftwareVersions":"syngo_MR_B17",
    "MRAcquisitionType":"2D",
    "SeriesDescription":"distortion_corr_32ch_pa",
    "ProtocolName":"distortion_corr_32ch_pa",
    "ScanningSequence":"EP",
    "SequenceVariant":"SK",
    "ScanOptions":"FS",
    "SequenceName":"epse2d1_82",
    "ImageType":[
        "ORIGINAL",
        "PRIMARY",
        "M",
        "ND",
        "NORM",
        "MOSAIC"
    ],
    "SeriesNumber":7,
    "AcquisitionTime":"10:08:55.420000",
    "AcquisitionNumber":1,
    "SliceThickness":3,
    "SpacingBetweenSlices":3,
    "SAR":0.27551,
    "EchoTime":0.073,
    "RepetitionTime":7.22,
    "FlipAngle":90,
    "PartialFourier":1,
    "BaseResolution":82,
    "ShimSetting":[
        6756,
        12674,
        -6745,
        615,
        158,
        10,
        83,
        138
    ],
    "TxRefAmp":348.397,
    "PhaseResolution":1,
    "ReceiveCoilName":"32Ch_Head",
    "PulseSequenceDetails":"%CustomerSeq%_cmrr_mbep2d_se",
    "PercentPhaseFOV":100,
    "PhaseEncodingSteps":82,
    "AcquisitionMatrixPE":82,
    "ReconMatrixPE":82,
    "BandwidthPerPixelPhaseEncode":23.912,
    "EffectiveEchoSpacing":0.00051,
    "DerivedVendorReportedEchoSpacing":0.00051,
    "TotalReadoutTime":0.04131,
    "PixelBandwidth":2772,
    "DwellTime":2.2e-06,
    "PhaseEncodingDirection":"j",
    "SliceTiming":[
        3.625,
        0,
        3.755,
        0.13,
        3.8825,
        0.26,
        4.0125,
        0.3875,
        4.1425,
        0.5175,
        4.2725,
        0.6475,
        4.4,
        0.7775,
        4.53,
        0.9075,
        4.66,
        1.035,
        4.79,
        1.165,
        4.92,
        1.295,
        5.0475,
        1.425,
        5.1775,
        1.5525,
        5.3075,
        1.6825,
        5.4375,
        1.8125,
        5.565,
        1.9425,
        5.695,
        2.0725,
        5.825,
        2.2,
        5.955,
        2.33,
        6.085,
        2.46,
        6.2125,
        2.59,
        6.3425,
        2.7175,
        6.4725,
        2.8475,
        6.6025,
        2.9775,
        6.73,
        3.1075,
        6.86,
        3.2375,
        6.99,
        3.365,
        7.12,
        3.495
    ],
    "ImageOrientationPatientDICOM":[
        0.999983,
        0.00242653,
        0.0052287,
        -2.48418e-08,
        0.907082,
        -0.420954
    ],
    "InPlanePhaseEncodingDirectionDICOM":"COL",
    "ConversionSoftware":"dcm2niix",
    "ConversionSoftwareVersion":"v1.0.20171215 Clang9.0.0",
    "IntendedFor":[
        "func/sub-M80398281_task-ritl_acq-MB_run-01_bold.nii.gz",
        "func/sub-M80398281_task-ritl_acq-MB_run-02_bold.nii.gz",
        "func/sub-M80398281_task-ritl_acq-MB_run-03_bold.nii.gz",
        "func/sub-M80398281_task-ritl_acq-MB_run-04_bold.nii.gz",
        "func/sub-M80398281_task-ritl_acq-MB_run-05_bold.nii.gz",
        "func/sub-M80398281_task-ritl_acq-MB_run-06_bold.nii.gz"
    ]
}