{
    "Modality":"MR",
    "MagneticFieldStrength":3,
    "Manufacturer":"Siemens",
    "ManufacturersModelName":"TrioTim",
    "InstitutionName":"Intermountain_Neuroimaging_Consortium",
    "InstitutionalDepartmentName":"Department",
    "InstitutionAddress":"Exposition_Drive_1777_Boulder-_6392da-_Denver_US_80301",
    "DeviceSerialNumber":"35451",
    "StationName":"MRC35451",
    "PatientPosition":"HFS",
    "ProcedureStepDescription":"VMITTAL_adaptcog_200068",
    "SoftwareVersions":"syngo_MR_B17",
    "MRAcquisitionType":"2D",
    "SeriesDescription":"ritl_pa_32ch_mb8_v01_r06_SBRef",
    "ProtocolName":"ritl_pa_32ch_mb8_v01_r06",
    "ScanningSequence":"EP",
    "SequenceVariant":"SK_SS",
    "ScanOptions":"FS",
    "SequenceName":"epfid2d1_82",
    "ImageType":[
        "ORIGINAL",
        "PRIMARY",
        "M",
        "ND",
        "NORM",
        "MOSAIC"
    ],
    "SeriesNumber":15,
    "AcquisitionTime":"10:55:18.150000",
    "AcquisitionNumber":1,
    "ImageComments":"Single-band_reference",
    "SliceThickness":3,
    "SpacingBetweenSlices":3,
    "SAR":0.172843,
    "EchoTime":0.029,
    "RepetitionTime":0.46,
    "FlipAngle":44,
    "PartialFourier":1,
    "BaseResolution":82,
    "ShimSetting":[
        6788,
        12630,
        -6762,
        510,
        175,
        5,
        18,
        115
    ],
    "TxRefAmp":345.795,
    "PhaseResolution":1,
    "ReceiveCoilName":"32Ch_Head",
    "PulseSequenceDetails":"%CustomerSeq%_cmrr_mbep2d_bold",
    "PercentPhaseFOV":100,
    "PhaseEncodingSteps":82,
    "AcquisitionMatrixPE":82,
    "ReconMatrixPE":82,
    "BandwidthPerPixelPhaseEncode":23.912,
    "EffectiveEchoSpacing":0.00051,
    "DerivedVendorReportedEchoSpacing":0.00051,
    "TotalReadoutTime":0.04131,
    "PixelBandwidth":2772,
    "DwellTime":2.2e-06,
    "PhaseEncodingDirection":"j",
    "SliceTiming":[
        0,
        0.0675,
        0.1325,
        0.1975,
        0.265,
        0.33,
        0.395,
        0.4625,
        0.5275,
        0.595,
        0.66,
        0.725,
        0.7925,
        0.8575,
        0.9225,
        0.99,
        1.055,
        1.1225,
        1.1875,
        1.2525,
        1.32,
        1.385,
        1.45,
        1.5175,
        1.5825,
        1.6475,
        1.715,
        1.78,
        1.8475,
        1.9125,
        1.9775,
        2.045,
        2.11,
        2.175,
        2.2425,
        2.3075,
        2.375,
        2.44,
        2.505,
        2.5725,
        2.6375,
        2.7025,
        2.77,
        2.835,
        2.9,
        2.9675,
        3.0325,
        3.1,
        3.165,
        3.23,
        3.2975,
        3.3625,
        3.4275,
        3.495,
        3.56,
        3.6275
    ],
    "ImageOrientationPatientDICOM":[
        1,
        -2e-16,
        0,
        2e-16,
        0.92321,
        -0.384295
    ],
    "InPlanePhaseEncodingDirectionDICOM":"COL",
    "ConversionSoftware":"dcm2niix",
    "ConversionSoftwareVersion":"v1.0.20171215 Clang9.0.0",
    "TaskName":"ritl"
}