{
    "Modality":"MR",
    "MagneticFieldStrength":3,
    "Manufacturer":"Siemens",
    "ManufacturersModelName":"TrioTim",
    "InstitutionName":"Intermountain_Neuroimaging_Consortium",
    "InstitutionalDepartmentName":"Department",
    "InstitutionAddress":"Exposition_Drive_1777_Boulder-_6392da-_Denver_US_80301",
    "DeviceSerialNumber":"35451",
    "StationName":"MRC35451",
    "PatientPosition":"HFS",
    "ProcedureStepDescription":"VMITTAL_adaptcog_200068",
    "SoftwareVersions":"syngo_MR_B17",
    "MRAcquisitionType":"2D",
    "SeriesDescription":"ritl_pa_32ch_mb8_v01_r02",
    "ProtocolName":"ritl_pa_32ch_mb8_v01_r02",
    "ScanningSequence":"EP",
    "SequenceVariant":"SK_SS",
    "ScanOptions":"FS",
    "SequenceName":"epfid2d1_82",
    "ImageType":[
        "ORIGINAL",
        "PRIMARY",
        "M",
        "MB",
        "ND",
        "NORM",
        "MOSAIC"
    ],
    "SeriesNumber":8,
    "AcquisitionTime":"10:23:37.580000",
    "AcquisitionNumber":1,
    "ImageComments":"Unaliased_MB8_PE3_(remote)",
    "SliceThickness":3,
    "SpacingBetweenSlices":3,
    "SAR":0.1682,
    "EchoTime":0.029,
    "RepetitionTime":0.46,
    "FlipAngle":44,
    "PartialFourier":1,
    "BaseResolution":82,
    "ShimSetting":[
        6788,
        12630,
        -6762,
        510,
        175,
        5,
        18,
        115
    ],
    "TxRefAmp":345.795,
    "PhaseResolution":1,
    "ReceiveCoilName":"32Ch_Head",
    "PulseSequenceDetails":"%CustomerSeq%_cmrr_mbep2d_bold",
    "MultibandAccelerationFactor":8,
    "PercentPhaseFOV":100,
    "PhaseEncodingSteps":82,
    "AcquisitionMatrixPE":82,
    "ReconMatrixPE":82,
    "BandwidthPerPixelPhaseEncode":23.912,
    "EffectiveEchoSpacing":0.00051,
    "DerivedVendorReportedEchoSpacing":0.00051,
    "TotalReadoutTime":0.04131,
    "PixelBandwidth":2772,
    "DwellTime":2.2e-06,
    "PhaseEncodingDirection":"j",
    "SliceTiming":[
        0,
        0.2625,
        0.065,
        0.33,
        0.13,
        0.395,
        0.1975,
        0,
        0.2625,
        0.065,
        0.33,
        0.13,
        0.395,
        0.1975,
        0,
        0.2625,
        0.065,
        0.33,
        0.13,
        0.395,
        0.1975,
        0,
        0.2625,
        0.065,
        0.33,
        0.13,
        0.395,
        0.1975,
        0,
        0.2625,
        0.065,
        0.33,
        0.13,
        0.395,
        0.1975,
        0,
        0.2625,
        0.065,
        0.33,
        0.13,
        0.395,
        0.1975,
        0,
        0.2625,
        0.065,
        0.33,
        0.13,
        0.395,
        0.1975,
        0,
        0.2625,
        0.065,
        0.33,
        0.13,
        0.395,
        0.1975
    ],
    "ImageOrientationPatientDICOM":[
        1,
        -2e-16,
        0,
        2e-16,
        0.92321,
        -0.384295
    ],
    "InPlanePhaseEncodingDirectionDICOM":"COL",
    "ConversionSoftware":"dcm2niix",
    "ConversionSoftwareVersion":"v1.0.20171215 Clang9.0.0",
    "TaskName":"ritl"
}