{
    "Modality":"MR",
    "MagneticFieldStrength":3,
    "Manufacturer":"Siemens",
    "ManufacturersModelName":"TrioTim",
    "InstitutionName":"Intermountain_Neuroimaging_Consortium",
    "InstitutionalDepartmentName":"Department",
    "InstitutionAddress":"Exposition_Drive_1777_Boulder-_6392da-_Denver_US_80301",
    "DeviceSerialNumber":"35451",
    "StationName":"MRC35451",
    "PatientPosition":"HFS",
    "ProcedureStepDescription":"VMITTAL_adaptcog_200068",
    "SoftwareVersions":"syngo_MR_B17",
    "MRAcquisitionType":"2D",
    "SeriesDescription":"ritl_pa_32ch_mb8_v01_r01_SBRef",
    "ProtocolName":"ritl_pa_32ch_mb8_v01_r01",
    "ScanningSequence":"EP",
    "SequenceVariant":"SK",
    "ScanOptions":"FS",
    "SequenceName":"epfid2d1_82",
    "ImageType":[
        "ORIGINAL",
        "PRIMARY",
        "M",
        "ND",
        "NORM",
        "MOSAIC"
    ],
    "SeriesNumber":11,
    "AcquisitionTime":"13:43:57.545000",
    "AcquisitionNumber":1,
    "ImageComments":"Single-band_reference",
    "SliceThickness":3,
    "SpacingBetweenSlices":3,
    "SAR":0.176606,
    "EchoTime":0.029,
    "RepetitionTime":0.46,
    "FlipAngle":44,
    "PartialFourier":1,
    "BaseResolution":82,
    "ShimSetting":[
        6795,
        12638,
        -6754,
        691,
        233,
        -285,
        20,
        47
    ],
    "TxRefAmp":344.342,
    "PhaseResolution":1,
    "ReceiveCoilName":"32Ch_Head",
    "PulseSequenceDetails":"%CustomerSeq%_cmrr_mbep2d_bold",
    "PercentPhaseFOV":100,
    "PhaseEncodingSteps":82,
    "AcquisitionMatrixPE":82,
    "ReconMatrixPE":82,
    "BandwidthPerPixelPhaseEncode":23.912,
    "EffectiveEchoSpacing":0.00051,
    "DerivedVendorReportedEchoSpacing":0.00051,
    "TotalReadoutTime":0.04131,
    "PixelBandwidth":2772,
    "DwellTime":2.2e-06,
    "PhaseEncodingDirection":"j",
    "SliceTiming":[
        1.8475,
        0,
        1.9125,
        0.0675,
        1.9775,
        0.1325,
        2.045,
        0.1975,
        2.11,
        0.265,
        2.175,
        0.33,
        2.2425,
        0.395,
        2.3075,
        0.4625,
        2.375,
        0.5275,
        2.44,
        0.595,
        2.505,
        0.66,
        2.5725,
        0.725,
        2.6375,
        0.7925,
        2.7025,
        0.8575,
        2.77,
        0.9225,
        2.835,
        0.99,
        2.9,
        1.055,
        2.9675,
        1.12,
        3.0325,
        1.1875,
        3.1,
        1.2525,
        3.165,
        1.32,
        3.23,
        1.385,
        3.2975,
        1.45,
        3.3625,
        1.5175,
        3.4275,
        1.5825,
        3.495,
        1.6475,
        3.56,
        1.715,
        3.6275,
        1.78
    ],
    "ImageOrientationPatientDICOM":[
        0.999323,
        0.0108878,
        0.0351451,
        3.35288e-08,
        0.955212,
        -0.295922
    ],
    "InPlanePhaseEncodingDirectionDICOM":"COL",
    "ConversionSoftware":"dcm2niix",
    "ConversionSoftwareVersion":"v1.0.20171215 Clang9.0.0",
    "TaskName":"ritl"
}