{
    "Modality":"MR",
    "MagneticFieldStrength":3,
    "Manufacturer":"Siemens",
    "ManufacturersModelName":"TrioTim",
    "InstitutionName":"Intermountain_Neuroimaging_Consortium",
    "InstitutionalDepartmentName":"Department",
    "InstitutionAddress":"Exposition_Drive_1777_Boulder-_6392da-_Denver_US_80301",
    "DeviceSerialNumber":"35451",
    "StationName":"MRC35451",
    "PatientPosition":"HFS",
    "ProcedureStepDescription":"VMITTAL_adaptcog_200068",
    "SoftwareVersions":"syngo_MR_B17",
    "MRAcquisitionType":"2D",
    "SeriesDescription":"ritl_pa_32ch_mb8_v01_r06_SBRef",
    "ProtocolName":"ritl_pa_32ch_mb8_v01_r06",
    "ScanningSequence":"EP",
    "SequenceVariant":"SK_SS",
    "ScanOptions":"FS",
    "SequenceName":"epfid2d1_82",
    "ImageType":[
        "ORIGINAL",
        "PRIMARY",
        "M",
        "ND",
        "NORM",
        "MOSAIC"
    ],
    "SeriesNumber":25,
    "AcquisitionTime":"11:38:50.447500",
    "AcquisitionNumber":1,
    "ImageComments":"Single-band_reference",
    "SliceThickness":3,
    "SpacingBetweenSlices":3,
    "SAR":0.171371,
    "EchoTime":0.029,
    "RepetitionTime":0.46,
    "FlipAngle":44,
    "PartialFourier":1,
    "BaseResolution":82,
    "ShimSetting":[
        6776,
        12725,
        -6795,
        724,
        190,
        309,
        -40,
        63
    ],
    "TxRefAmp":327.857,
    "PhaseResolution":1,
    "ReceiveCoilName":"32Ch_Head",
    "PulseSequenceDetails":"%CustomerSeq%_cmrr_mbep2d_bold",
    "PercentPhaseFOV":100,
    "PhaseEncodingSteps":82,
    "AcquisitionMatrixPE":82,
    "ReconMatrixPE":82,
    "BandwidthPerPixelPhaseEncode":23.912,
    "EffectiveEchoSpacing":0.00051,
    "DerivedVendorReportedEchoSpacing":0.00051,
    "TotalReadoutTime":0.04131,
    "PixelBandwidth":2772,
    "DwellTime":2.2e-06,
    "PhaseEncodingDirection":"j",
    "SliceTiming":[
        0,
        0.065,
        0.1325,
        0.1975,
        0.2625,
        0.33,
        0.395,
        0.4625,
        0.5275,
        0.5925,
        0.66,
        0.725,
        0.79,
        0.8575,
        0.9225,
        0.9875,
        1.055,
        1.12,
        1.1875,
        1.2525,
        1.3175,
        1.385,
        1.45,
        1.515,
        1.5825,
        1.6475,
        1.715,
        1.78,
        1.845,
        1.9125,
        1.9775,
        2.0425,
        2.11,
        2.175,
        2.24,
        2.3075,
        2.3725,
        2.44,
        2.505,
        2.57,
        2.6375,
        2.7025,
        2.7675,
        2.835,
        2.9,
        2.9675,
        3.0325,
        3.0975,
        3.165,
        3.23,
        3.295,
        3.3625,
        3.4275,
        3.495,
        3.56,
        3.625
    ],
    "ImageOrientationPatientDICOM":[
        0.999785,
        0.00792798,
        0.019142,
        -6.24517e-08,
        0.923896,
        -0.382644
    ],
    "InPlanePhaseEncodingDirectionDICOM":"COL",
    "ConversionSoftware":"dcm2niix",
    "ConversionSoftwareVersion":"v1.0.20171215 Clang9.0.0",
    "TaskName":"ritl"
}