{
    "Modality":"MR",
    "MagneticFieldStrength":3,
    "Manufacturer":"Siemens",
    "ManufacturersModelName":"TrioTim",
    "InstitutionName":"Intermountain_Neuroimaging_Consortium",
    "InstitutionalDepartmentName":"Department",
    "InstitutionAddress":"Exposition_Drive_1777_Boulder-_6392da-_Denver_US_80301",
    "DeviceSerialNumber":"35451",
    "StationName":"MRC35451",
    "PatientPosition":"HFS",
    "ProcedureStepDescription":"VMITTAL_adaptcog_200068",
    "SoftwareVersions":"syngo_MR_B17",
    "MRAcquisitionType":"2D",
    "SeriesDescription":"ritl_pa_32ch_mb8_v01_r02_SBRef",
    "ProtocolName":"ritl_pa_32ch_mb8_v01_r02",
    "ScanningSequence":"EP",
    "SequenceVariant":"SK",
    "ScanOptions":"FS",
    "SequenceName":"epfid2d1_82",
    "ImageType":[
        "ORIGINAL",
        "PRIMARY",
        "M",
        "ND",
        "NORM",
        "MOSAIC"
    ],
    "SeriesNumber":13,
    "AcquisitionTime":"13:26:19.517500",
    "AcquisitionNumber":1,
    "ImageComments":"Single-band_reference",
    "SliceThickness":3,
    "SpacingBetweenSlices":3,
    "SAR":0.156891,
    "EchoTime":0.029,
    "RepetitionTime":0.46,
    "FlipAngle":44,
    "PartialFourier":1,
    "BaseResolution":82,
    "ShimSetting":[
        6831,
        12733,
        -6889,
        677,
        299,
        177,
        -767,
        81
    ],
    "TxRefAmp":337.811,
    "PhaseResolution":1,
    "ReceiveCoilName":"32Ch_Head",
    "PulseSequenceDetails":"%CustomerSeq%_cmrr_mbep2d_bold",
    "PercentPhaseFOV":100,
    "PhaseEncodingSteps":82,
    "AcquisitionMatrixPE":82,
    "ReconMatrixPE":82,
    "BandwidthPerPixelPhaseEncode":23.912,
    "EffectiveEchoSpacing":0.00051,
    "DerivedVendorReportedEchoSpacing":0.00051,
    "TotalReadoutTime":0.04131,
    "PixelBandwidth":2772,
    "DwellTime":2.2e-06,
    "PhaseEncodingDirection":"j",
    "SliceTiming":[
        1.8475,
        0,
        1.9125,
        0.0675,
        1.98,
        0.1325,
        2.045,
        0.2,
        2.11,
        0.265,
        2.1775,
        0.33,
        2.2425,
        0.3975,
        2.3075,
        0.4625,
        2.375,
        0.5275,
        2.44,
        0.595,
        2.5075,
        0.66,
        2.5725,
        0.7275,
        2.6375,
        0.7925,
        2.705,
        0.8575,
        2.77,
        0.925,
        2.835,
        0.99,
        2.9025,
        1.055,
        2.9675,
        1.1225,
        3.0325,
        1.1875,
        3.1,
        1.255,
        3.165,
        1.32,
        3.2325,
        1.385,
        3.2975,
        1.4525,
        3.3625,
        1.5175,
        3.43,
        1.5825,
        3.495,
        1.65,
        3.56,
        1.715,
        3.6275,
        1.78
    ],
    "ImageOrientationPatientDICOM":[
        0.999294,
        0.0143856,
        0.0347,
        -2.17628e-08,
        0.923763,
        -0.382964
    ],
    "InPlanePhaseEncodingDirectionDICOM":"COL",
    "ConversionSoftware":"dcm2niix",
    "ConversionSoftwareVersion":"v1.0.20171215 Clang9.0.0",
    "TaskName":"ritl"
}