{
    "Modality":"MR",
    "MagneticFieldStrength":3,
    "Manufacturer":"Siemens",
    "ManufacturersModelName":"TrioTim",
    "InstitutionName":"Intermountain_Neuroimaging_Consortium",
    "InstitutionalDepartmentName":"Department",
    "InstitutionAddress":"Exposition_Drive_1777_Boulder-_c0d8dc-_Denver_US_80301",
    "DeviceSerialNumber":"35451",
    "StationName":"MRC35451",
    "PatientPosition":"HFS",
    "ProcedureStepDescription":"VMITTAL_adaptcog_200068",
    "SoftwareVersions":"syngo_MR_B17",
    "MRAcquisitionType":"2D",
    "SeriesDescription":"ritl_pa_32ch_mb8_v01_r03_SBRef",
    "ProtocolName":"ritl_pa_32ch_mb8_v01_r03",
    "ScanningSequence":"EP",
    "SequenceVariant":"SK_SS",
    "ScanOptions":"FS",
    "SequenceName":"epfid2d1_82",
    "ImageType":[
        "ORIGINAL",
        "PRIMARY",
        "M",
        "ND",
        "NORM",
        "MOSAIC"
    ],
    "SeriesNumber":15,
    "AcquisitionTime":"12:23:12.850000",
    "AcquisitionNumber":1,
    "ImageComments":"Single-band_reference",
    "SliceThickness":3,
    "SpacingBetweenSlices":3,
    "SAR":0.156909,
    "EchoTime":0.029,
    "RepetitionTime":0.46,
    "FlipAngle":44,
    "PartialFourier":1,
    "BaseResolution":82,
    "ShimSetting":[
        6808,
        12500,
        -6835,
        1032,
        331,
        416,
        25,
        44
    ],
    "TxRefAmp":332.418,
    "PhaseResolution":1,
    "ReceiveCoilName":"32Ch_Head",
    "PulseSequenceDetails":"%CustomerSeq%_cmrr_mbep2d_bold",
    "PercentPhaseFOV":100,
    "PhaseEncodingSteps":82,
    "AcquisitionMatrixPE":82,
    "ReconMatrixPE":82,
    "BandwidthPerPixelPhaseEncode":23.912,
    "EffectiveEchoSpacing":0.00051,
    "DerivedVendorReportedEchoSpacing":0.00051,
    "TotalReadoutTime":0.04131,
    "PixelBandwidth":2772,
    "DwellTime":2.2e-06,
    "PhaseEncodingDirection":"j",
    "SliceTiming":[
        0,
        0.065,
        0.13,
        0.1975,
        0.2625,
        0.33,
        0.395,
        0.46,
        0.5275,
        0.5925,
        0.6575,
        0.725,
        0.79,
        0.8575,
        0.9225,
        0.9875,
        1.055,
        1.12,
        1.185,
        1.2525,
        1.3175,
        1.385,
        1.45,
        1.515,
        1.5825,
        1.6475,
        1.7125,
        1.78,
        1.845,
        1.91,
        1.9775,
        2.0425,
        2.11,
        2.175,
        2.24,
        2.3075,
        2.3725,
        2.4375,
        2.505,
        2.57,
        2.6375,
        2.7025,
        2.7675,
        2.835,
        2.9,
        2.965,
        3.0325,
        3.0975,
        3.1625,
        3.23,
        3.295,
        3.3625,
        3.4275,
        3.4925,
        3.56,
        3.625
    ],
    "ImageOrientationPatientDICOM":[
        0.999824,
        0.00642563,
        0.0176543,
        3.51562e-08,
        0.939692,
        -0.342022
    ],
    "InPlanePhaseEncodingDirectionDICOM":"COL",
    "ConversionSoftware":"dcm2niix",
    "ConversionSoftwareVersion":"v1.0.20171215 Clang9.0.0",
    "TaskName":"ritl"
}